PATH
  remote: .
  specs:
    aries-sdk-ruby (0.0.6)
      helix_runtime (~> 0.7.5)

GEM
  remote: https://rubygems.org/
  specs:
    helix_runtime (0.7.5)
      rake (>= 10.0)
      thor (>= 0.19.4, < 2.0)
      tomlrb (~> 1.2.4)
    rake (13.0.0)
    thor (0.20.3)
    tomlrb (1.2.8)

PLATFORMS
  ruby

DEPENDENCIES
  aries-sdk-ruby!

BUNDLED WITH
   1.17.3
