PATH
  remote: .
  specs:
    aries-sdk-ruby (0.0.3)
      helix_runtime (~> 0.7.5)

GEM
  remote: https://rubygems.org/
  specs:
    helix_runtime (0.7.5)
      rake (>= 10.0)
      thor (>= 0.19.4, < 2.0)
      tomlrb (~> 1.2.4)
    rake (12.3.3)
    thor (0.20.3)
    tomlrb (1.2.8)

PLATFORMS
  ruby

DEPENDENCIES
  aries-sdk-ruby!

BUNDLED WITH
   1.16.6
